GEM
  remote: https://rubygems.org/
  specs:
    activesupport (4.2.11.3)
      i18n (~> 0.7)
      minitest (~> 5.1)
      thread_safe (~> 0.3, >= 0.3.4)
      tzinfo (~> 1.1)
    bindata (2.1.0)
    coderay (1.1.3)
    concurrent-ruby (1.1.9)
    gli (2.13.4)
    i18n (0.9.5)
      concurrent-ruby (~> 1.0)
    method_source (0.8.2)
    minitest (5.15.0)
    phut (0.7.7)
      activesupport (~> 4.2, >= 4.2.5)
      gli (~> 2.13.4)
      pio (~> 0.30.0)
      pry (~> 0.10.3)
    pio (0.30.0)
      activesupport (~> 4.2, >= 4.2.4)
      bindata (~> 2.1.0)
    pry (0.10.4)
      coderay (~> 1.1.0)
      method_source (~> 0.8.1)
      slop (~> 3.4)
    slop (3.6.0)
    thread_safe (0.3.6)
    trema (0.10.1)
      bundler (~> 1.11.2)
      gli (~> 2.13.4)
      phut (~> 0.7.7)
      pio (~> 0.30.0)
    tzinfo (1.2.9)
      thread_safe (~> 0.1)

PLATFORMS
  ruby

DEPENDENCIES
  trema (~> 0.10.1)

BUNDLED WITH
   1.11.2
